GEM
  remote: https://rubygems.org/
  specs:
    hoe (3.12.0)
      rake (>= 0.8, < 11.0)
    hoe-bundler (1.2.0)
      hoe (>= 2.2.0)
    hoe-yard (0.1.2)
      yard (>= 0.2.3.1)
    rake (10.3.1)
    redcarpet (3.1.1)
    yard (0.8.7.3)

PLATFORMS
  ruby

DEPENDENCIES
  hoe (~> 3.11)
  hoe-bundler (~> 1.2)
  hoe-yard (>= 0.1.2)
  redcarpet
  yard
