PATH
  remote: .
  specs:
    ripmp3 (0.0.1)

GEM
  remote: http://rubygems.org/
  specs:
    builder (3.2.2)
    ci_reporter (1.9.0)
      builder (>= 2.1.2)
    cucumber (1.3.10)
      builder (>= 2.1.2)
      diff-lcs (>= 1.1.3)
      gherkin (~> 2.12)
      multi_json (>= 1.7.5, < 2.0)
      multi_test (>= 0.0.2)
    diff-lcs (1.2.5)
    docile (1.1.0)
    gherkin (2.12.2)
      multi_json (~> 1.3)
    hpricot (0.8.6)
    lockfile (2.1.0)
    multi_json (1.8.2)
    multi_test (0.0.2)
    mustache (0.99.5)
    rake (10.1.0)
    rdiscount (2.1.7)
    ronn (0.7.3)
      hpricot (>= 0.8.2)
      mustache (>= 0.7.0)
      rdiscount (>= 1.5.8)
    rspec (2.14.1)
      rspec-core (~> 2.14.0)
      rspec-expectations (~> 2.14.0)
      rspec-mocks (~> 2.14.0)
    rspec-core (2.14.7)
    rspec-expectations (2.14.4)
      diff-lcs (>= 1.1.3, < 2.0)
    rspec-mocks (2.14.4)
    simplecov (0.8.1)
      docile (~> 1.1.0)
      lockfile (>= 2.1.0)
      multi_json
      simplecov-html (~> 0.8.0)
    simplecov-html (0.8.0)
    simplecov-rcov (0.2.3)
      simplecov (>= 0.4.1)
    yard (0.8.7.3)

PLATFORMS
  ruby

DEPENDENCIES
  ci_reporter
  cucumber
  rake
  ripmp3!
  ronn
  rspec
  simplecov
  simplecov-rcov
  yard
